PATH
  remote: .
  specs:
    memorize (0.1.0)

GEM
  remote: https://rubygems.org/
  specs:
    rake (13.0.6)

PLATFORMS
  x86_64-linux

DEPENDENCIES
  memorize!
  rake (~> 13.0)

BUNDLED WITH
   2.4.20
